PATH
  remote: .
  specs:
    synapses-cas (0.1.11)
      activerecord (>= 2.3.12, < 3.1)
      activeresource (>= 2.3.12, < 3.1)
      activesupport (>= 2.3.12, < 3.1)
      bcrypt-ruby
      capybara (= 1.1.2)
      crypt-isaac (~> 0.9.1)
      net-ldap (~> 0.1.1)
      pg
      rack-test
      rake (= 0.8.7)
      rspec
      rspec-core
      sinatra (~> 1.0)
      sinatra-r18n (= 0.4.14)
      sqlite3 (~> 1.3.1)

GEM
  remote: http://rubygems.org/
  specs:
    activemodel (3.0.18)
      activesupport (= 3.0.18)
      builder (~> 2.1.2)
      i18n (~> 0.5.0)
    activerecord (3.0.18)
      activemodel (= 3.0.18)
      activesupport (= 3.0.18)
      arel (~> 2.0.10)
      tzinfo (~> 0.3.23)
    activeresource (3.0.18)
      activemodel (= 3.0.18)
      activesupport (= 3.0.18)
    activesupport (3.0.18)
    addressable (2.3.2)
    arel (2.0.10)
    bcrypt-ruby (3.0.1)
    builder (2.1.2)
    capybara (1.1.2)
      mime-types (>= 1.16)
      nokogiri (>= 1.3.3)
      rack (>= 1.0.0)
      rack-test (>= 0.5.4)
      selenium-webdriver (~> 2.0)
      xpath (~> 0.1.4)
    childprocess (0.3.6)
      ffi (~> 1.0, >= 1.0.6)
    crypt-isaac (0.9.1)
    diff-lcs (1.1.3)
    ffi (1.2.0)
    i18n (0.5.0)
    libwebsocket (0.1.7.1)
      addressable
      websocket
    mime-types (1.19)
    multi_json (1.5.0)
    net-ldap (0.1.1)
    nokogiri (1.5.6)
    pg (0.14.1)
    r18n-core (0.4.14)
    rack (1.4.1)
    rack-protection (1.3.2)
      rack
    rack-test (0.6.2)
      rack (>= 1.0)
    rake (0.8.7)
    rspec (2.12.0)
      rspec-core (~> 2.12.0)
      rspec-expectations (~> 2.12.0)
      rspec-mocks (~> 2.12.0)
    rspec-core (2.12.2)
    rspec-expectations (2.12.1)
      diff-lcs (~> 1.1.3)
    rspec-mocks (2.12.1)
    rubyzip (0.9.9)
    selenium-webdriver (2.27.2)
      childprocess (>= 0.2.5)
      libwebsocket (~> 0.1.3)
      multi_json (~> 1.0)
      rubyzip
    sinatra (1.3.3)
      rack (~> 1.3, >= 1.3.6)
      rack-protection (~> 1.2)
      tilt (~> 1.3, >= 1.3.3)
    sinatra-r18n (0.4.14)
      r18n-core (= 0.4.14)
      sinatra (>= 1.3)
    sqlite3 (1.3.6)
    tilt (1.3.3)
    tzinfo (0.3.35)
    websocket (1.0.6)
    xpath (0.1.4)
      nokogiri (~> 1.3)

PLATFORMS
  ruby

DEPENDENCIES
  synapses-cas!
